PATH
  remote: .
  specs:
    rails_best_practices (1.9.0)
      activesupport
      colored
      erubis
      i18n
      progressbar
      sexp_processor

GEM
  remote: http://rubygems.org/
  specs:
    activesupport (3.0.10)
    colored (1.2)
    diff-lcs (1.1.3)
    erubis (2.7.0)
    growl (1.0.3)
    guard (0.8.8)
      thor (~> 0.14.6)
    guard-rspec (0.5.7)
      guard (>= 0.8.4)
    haml (3.1.3)
    i18n (0.5.0)
    progressbar (0.9.1)
    rake (0.9.2.2)
    rb-fsevent (0.4.3.1)
    ripper (1.0.2)
    rspec (2.7.0)
      rspec-core (~> 2.7.0)
      rspec-expectations (~> 2.7.0)
      rspec-mocks (~> 2.7.0)
    rspec-core (2.7.1)
    rspec-expectations (2.7.0)
      diff-lcs (~> 1.1.2)
    rspec-mocks (2.7.0)
    sexp_processor (3.0.5)
    slim (1.0.4)
      temple (~> 0.3.4)
      tilt (~> 1.3.2)
    spork (0.9.0.rc9)
    temple (0.3.4)
    thor (0.14.6)
    tilt (1.3.3)

PLATFORMS
  ruby

DEPENDENCIES
  bundler
  growl
  guard
  guard-rspec
  haml
  rails_best_practices!
  rake
  rb-fsevent
  ripper
  rspec
  slim
  spork (= 0.9.0.rc9)
