PATH
  remote: .
  specs:
    progressbar (0.9.1)

GEM
  remote: http://rubygems.org/
  specs:
    bluecloth (2.1.0)
    minitest (2.2.2)
    rake (0.9.2)
    simplecov (0.4.2)
      simplecov-html (~> 0.4.4)
    simplecov-html (0.4.5)
    yard (0.7.1)

PLATFORMS
  ruby

DEPENDENCIES
  bluecloth (>= 0.3.5)
  bundler (>= 1.0.0)
  minitest
  progressbar!
  rake
  simplecov (>= 0.3.5)
  yard
